GEM
  remote: https://rubygems.org/
  specs:
    mysql2 (0.5.2)
    tlsmail (0.0.1)

PLATFORMS
  ruby

DEPENDENCIES
  mysql2
  tlsmail

RUBY VERSION
   ruby 2.5.1p57

BUNDLED WITH
   1.16.4
